GIT
  remote: git://github.com/jacobo/showoff.git
  revision: e1f4ce63e700b2cb4e369565a08c9b408f78cd0d
  specs:
    showoff (0.7.0)
      gli (>= 1.3.2)
      json
      nokogiri
      parslet
      redcarpet
      sinatra (~> 1.3)

GEM
  remote: https://rubygems.org/
  specs:
    blankslate (2.1.2.4)
    bluecloth (2.2.0)
    gli (1.6.0)
    json (1.8.0)
    nokogiri (1.5.9)
    parslet (1.5.0)
      blankslate (~> 2.0)
    rack (1.5.2)
    rack-protection (1.5.0)
      rack
    redcarpet (2.2.2)
    sinatra (1.3.2)
      rack (~> 1.3, >= 1.3.6)
      rack-protection (~> 1.2)
      tilt (~> 1.3, >= 1.3.3)
    tilt (1.3.6)

PLATFORMS
  ruby

DEPENDENCIES
  bluecloth
  gli (= 1.6.0)
  nokogiri
  showoff!
  sinatra (= 1.3.2)
